GEM
  remote: http://rubygems.org/
  specs:
    bacon (1.1.0)
    leveldb-ruby (0.10)
    rack (1.4.0)

PLATFORMS
  ruby

DEPENDENCIES
  bacon
  leveldb-ruby
  rack
